GEM
  remote: https://rubygems.org/
  specs:
    coderay (1.1.3)
    discogs-wrapper (2.5.1)
      hashie (~> 3.0)
      httparty (~> 0.14)
      oauth (~> 0.5.1)
    hashie (3.6.0)
    httparty (0.18.1)
      mime-types (~> 3.0)
      multi_xml (>= 0.5.2)
    method_source (1.0.0)
    mime-types (3.3.1)
      mime-types-data (~> 3.2015)
    mime-types-data (3.2020.1104)
    multi_xml (0.6.0)
    nokogiri (1.11.1-x86_64-darwin)
      racc (~> 1.4)
    oauth (0.5.5)
    pry (0.13.1)
      coderay (~> 1.1)
      method_source (~> 1.0)
    racc (1.5.2)
    ruby-limiter (1.1.0)
    terminal-table (2.0.0)
      unicode-display_width (~> 1.1, >= 1.1.1)
    unicode-display_width (1.7.0)

PLATFORMS
  x86_64-darwin-20

DEPENDENCIES
  discogs-wrapper
  httparty
  nokogiri
  pry
  ruby-limiter
  terminal-table

BUNDLED WITH
   2.2.3
